GEM
  remote: https://rubygems.org/
  specs:
    diff-lcs (1.2.5)
    domain_name (0.5.11)
      unf (>= 0.0.5, < 1.0.0)
    mechanize (2.6.0)
      domain_name (~> 0.5, >= 0.5.1)
      mime-types (~> 1.17, >= 1.17.2)
      net-http-digest_auth (~> 1.1, >= 1.1.1)
      net-http-persistent (~> 2.5, >= 2.5.2)
      nokogiri (~> 1.4)
      ntlm-http (~> 0.1, >= 0.1.1)
      webrobots (>= 0.0.9, < 0.2)
    mime-types (1.22)
    net-http-digest_auth (1.3)
    net-http-persistent (2.8)
    net-sftp (2.1.2)
      net-ssh (>= 2.6.5)
    net-ssh (2.6.6)
    nokogiri (1.5.9)
    nokogiri (1.5.9-java)
    nokogiri (1.5.9-x86-mingw32)
    ntlm-http (0.1.1)
    rspec (2.14.1)
      rspec-core (~> 2.14.0)
      rspec-expectations (~> 2.14.0)
      rspec-mocks (~> 2.14.0)
    rspec-core (2.14.8)
    rspec-expectations (2.14.5)
      diff-lcs (>= 1.1.3, < 2.0)
    rspec-mocks (2.14.6)
    trollop (2.0)
    unf (0.1.1)
      unf_ext
    unf (0.1.1-java)
    unf_ext (0.0.6)
    unf_ext (0.0.6-x86-mingw32)
    webrobots (0.1.1)

PLATFORMS
  java
  ruby
  x86-mingw32

DEPENDENCIES
  bundler
  mechanize
  net-sftp
  rspec
  rspec-expectations
  trollop
